GEM
  remote: https://rubygems.org/
  specs:
    ast (2.4.0)
    mock_redis (0.18.0)
    mustermann (1.0.2)
    parallel (1.12.1)
    parser (2.5.1.0)
      ast (~> 2.4.0)
    power_assert (1.1.2)
    powerpack (0.1.1)
    rack (2.0.5)
    rack-protection (2.0.3)
      rack
    rainbow (3.0.0)
    redis (4.0.1)
    rubocop (0.56.0)
      parallel (~> 1.10)
      parser (>= 2.5)
      powerpack (~> 0.1)
      rainbow (>= 2.2.2, < 4.0)
      ruby-progressbar (~> 1.7)
      unicode-display_width (~> 1.0, >= 1.0.1)
    ruby-progressbar (1.9.0)
    sinatra (2.0.3)
      mustermann (~> 1.0)
      rack (~> 2.0)
      rack-protection (= 2.0.3)
      tilt (~> 2.0)
    test-unit (3.2.8)
      power_assert
    tilt (2.0.8)
    unicode-display_width (1.3.3)

PLATFORMS
  ruby

DEPENDENCIES
  mock_redis
  redis (~> 4.0)
  rubocop (~> 0.56.0)
  sinatra
  test-unit

RUBY VERSION
   ruby 2.5.1p57

BUNDLED WITH
   1.16.2
